PATH
  remote: .
  specs:
    verity (0.0.1)

GEM
  remote: https://rubygems.org/
  remote: http://dist.dev.int.realestate.com.au/rubygems/
  specs:
    backports (3.1.0)
    diff-lcs (1.2.1)
    rake (10.0.3)
    rspec (2.13.0)
      rspec-core (~> 2.13.0)
      rspec-expectations (~> 2.13.0)
      rspec-mocks (~> 2.13.0)
    rspec-core (2.13.0)
    rspec-expectations (2.13.0)
      diff-lcs (>= 1.1.3, < 2.0)
    rspec-mocks (2.13.0)
    yard (0.8.5.2)
    yardstick (0.9.4)
      backports (~> 3.0, >= 3.0.3)
      yard (~> 0.8.5)

PLATFORMS
  ruby

DEPENDENCIES
  bundler (~> 1.3.0)
  rake
  rspec (>= 2.0.0)
  verity!
  yard (>= 0.5.3)
  yardstick (>= 0.1.0)
